PATH
  remote: .
  specs:
    zaif_wrapper (0.1.0)
      faraday
      json

GEM
  remote: https://rubygems.org/
  specs:
    byebug (10.0.0)
    coderay (1.1.2)
    coveralls (0.8.21)
      json (>= 1.8, < 3)
      simplecov (~> 0.14.1)
      term-ansicolor (~> 1.3)
      thor (~> 0.19.4)
      tins (~> 1.6)
    docile (1.1.5)
    faraday (0.14.0)
      multipart-post (>= 1.2, < 3)
    json (2.1.0)
    json_expressions (0.9.0)
    method_source (0.9.0)
    minitest (5.11.3)
    multipart-post (2.0.0)
    pry (0.11.3)
      coderay (~> 1.1.0)
      method_source (~> 0.9.0)
    rake (10.5.0)
    simplecov (0.14.1)
      docile (~> 1.1.0)
      json (>= 1.8, < 3)
      simplecov-html (~> 0.10.0)
    simplecov-html (0.10.2)
    term-ansicolor (1.6.0)
      tins (~> 1.0)
    thor (0.19.4)
    tins (1.16.3)

PLATFORMS
  ruby

DEPENDENCIES
  bundler (~> 1.16)
  byebug
  coveralls
  json
  json_expressions
  minitest
  pry
  rake (~> 10.0)
  zaif_wrapper!

BUNDLED WITH
   1.16.1
